GIT
  remote: https://github.com/rspec/rspec-core.git
  revision: 814c1c1ecf79d2191718b2795b6d12d9d522f60b
  branch: main
  specs:
    rspec-core (3.12.0.pre)
      rspec-support (= 3.12.0.pre)

GIT
  remote: https://github.com/rspec/rspec-expectations.git
  revision: 1bc30dc41665ade783340d71e1d8f30bf3c9b995
  branch: main
  specs:
    rspec-expectations (3.12.0.pre)
      diff-lcs (>= 1.2.0, < 2.0)
      rspec-support (= 3.12.0.pre)

GIT
  remote: https://github.com/rspec/rspec-mocks.git
  revision: eb6d7e93474308d913fe794bebdee7d50fb33e28
  branch: main
  specs:
    rspec-mocks (3.12.0.pre)
      diff-lcs (>= 1.2.0, < 2.0)
      rspec-support (= 3.12.0.pre)

GIT
  remote: https://github.com/rspec/rspec-support.git
  revision: 528d88ce6fac5f83390bf430d1c47608e9d8d29a
  branch: main
  specs:
    rspec-support (3.12.0.pre)

GIT
  remote: https://github.com/rspec/rspec.git
  revision: f4393df94d8ddde9a0b68ac29b93d09b85ef9025
  branch: main
  specs:
    rspec (3.12.0.pre)
      rspec-core (= 3.12.0.pre)
      rspec-expectations (= 3.12.0.pre)
      rspec-mocks (= 3.12.0.pre)

GEM
  remote: https://rubygems.org/
  specs:
    diff-lcs (1.5.0)

PLATFORMS
  x86_64-linux

DEPENDENCIES
  rspec!
  rspec-core!
  rspec-expectations!
  rspec-mocks!
  rspec-support!

RUBY VERSION
   ruby 3.0.0p0

BUNDLED WITH
   2.2.3
